GIT
  remote: https://github.com/hotwired/turbo-rails.git
  revision: ec31fa125165fb0a207c5f88dce9e8719b1c711f
  branch: main
  specs:
    turbo-rails (0.5.2)
      rails (>= 6.0.0)

GIT
  remote: https://github.com/rails/rails.git
  revision: 532b9cac316170b5081ac6db6c5ef2cb9b653017
  branch: master
  specs:
    actioncable (6.2.0.alpha)
      actionpack (= 6.2.0.alpha)
      activesupport (= 6.2.0.alpha)
      nio4r (~> 2.0)
      websocket-driver (>= 0.6.1)
    actionmailbox (6.2.0.alpha)
      actionpack (= 6.2.0.alpha)
      activejob (= 6.2.0.alpha)
      activerecord (= 6.2.0.alpha)
      activestorage (= 6.2.0.alpha)
      activesupport (= 6.2.0.alpha)
      mail (>= 2.7.1)
    actionmailer (6.2.0.alpha)
      actionpack (= 6.2.0.alpha)
      actionview (= 6.2.0.alpha)
      activejob (= 6.2.0.alpha)
      activesupport (= 6.2.0.alpha)
      mail (~> 2.5, >= 2.5.4)
      rails-dom-testing (~> 2.0)
    actionpack (6.2.0.alpha)
      actionview (= 6.2.0.alpha)
      activesupport (= 6.2.0.alpha)
      rack (~> 2.0, >= 2.0.9)
      rack-test (>= 0.6.3)
      rails-dom-testing (~> 2.0)
      rails-html-sanitizer (~> 1.0, >= 1.2.0)
    actiontext (6.2.0.alpha)
      actionpack (= 6.2.0.alpha)
      activerecord (= 6.2.0.alpha)
      activestorage (= 6.2.0.alpha)
      activesupport (= 6.2.0.alpha)
      nokogiri (>= 1.8.5)
    actionview (6.2.0.alpha)
      activesupport (= 6.2.0.alpha)
      builder (~> 3.1)
      erubi (~> 1.4)
      rails-dom-testing (~> 2.0)
      rails-html-sanitizer (~> 1.1, >= 1.2.0)
    activejob (6.2.0.alpha)
      activesupport (= 6.2.0.alpha)
      globalid (>= 0.3.6)
    activemodel (6.2.0.alpha)
      activesupport (= 6.2.0.alpha)
    activerecord (6.2.0.alpha)
      activemodel (= 6.2.0.alpha)
      activesupport (= 6.2.0.alpha)
    activestorage (6.2.0.alpha)
      actionpack (= 6.2.0.alpha)
      activejob (= 6.2.0.alpha)
      activerecord (= 6.2.0.alpha)
      activesupport (= 6.2.0.alpha)
      marcel (~> 0.3.1)
      mimemagic (~> 0.3.2)
    activesupport (6.2.0.alpha)
      concurrent-ruby (~> 1.0, >= 1.0.2)
      i18n (>= 1.6, < 2)
      minitest (>= 5.1)
      tzinfo (~> 2.0)
      zeitwerk (~> 2.3)
    rails (6.2.0.alpha)
      actioncable (= 6.2.0.alpha)
      actionmailbox (= 6.2.0.alpha)
      actionmailer (= 6.2.0.alpha)
      actionpack (= 6.2.0.alpha)
      actiontext (= 6.2.0.alpha)
      actionview (= 6.2.0.alpha)
      activejob (= 6.2.0.alpha)
      activemodel (= 6.2.0.alpha)
      activerecord (= 6.2.0.alpha)
      activestorage (= 6.2.0.alpha)
      activesupport (= 6.2.0.alpha)
      bundler (>= 1.15.0)
      railties (= 6.2.0.alpha)
      sprockets-rails (>= 2.0.0)
    railties (6.2.0.alpha)
      actionpack (= 6.2.0.alpha)
      activesupport (= 6.2.0.alpha)
      method_source
      rake (>= 0.8.7)
      thor (~> 1.0)

GIT
  remote: https://github.com/rails/web-console.git
  revision: 167c2402aed90f4b4934b04a3ef2ed14034e9f1c
  specs:
    web-console (4.1.0)
      actionview (>= 6.0.0)
      activemodel (>= 6.0.0)
      bindex (>= 0.4.0)
      railties (>= 6.0.0)

GIT
  remote: https://github.com/rails/webpacker.git
  revision: 461a61f2038b58bef99eaec64846e564e712dc9e
  specs:
    webpacker (6.0.0.beta.2)
      activesupport (>= 5.2)
      rack-proxy (>= 0.6.1)
      railties (>= 5.2)
      semantic_range (>= 2.3.0)

GEM
  remote: https://rubygems.org/
  specs:
    addressable (2.7.0)
      public_suffix (>= 2.0.2, < 5.0)
    annotate (3.1.1)
      activerecord (>= 3.2, < 7.0)
      rake (>= 10.4, < 14.0)
    ast (2.4.1)
    aws-eventstream (1.1.0)
    aws-partitions (1.414.0)
    aws-sdk-core (3.110.0)
      aws-eventstream (~> 1, >= 1.0.2)
      aws-partitions (~> 1, >= 1.239.0)
      aws-sigv4 (~> 1.1)
      jmespath (~> 1.0)
    aws-sdk-kms (1.40.0)
      aws-sdk-core (~> 3, >= 3.109.0)
      aws-sigv4 (~> 1.1)
    aws-sdk-s3 (1.87.0)
      aws-sdk-core (~> 3, >= 3.109.0)
      aws-sdk-kms (~> 1)
      aws-sigv4 (~> 1.1)
    aws-sigv4 (1.2.2)
      aws-eventstream (~> 1, >= 1.0.2)
    bcrypt (3.1.16)
    bindex (0.8.1)
    bootsnap (1.5.1)
      msgpack (~> 1.0)
    builder (3.2.4)
    byebug (11.1.3)
    cable_ready (4.2.0)
      rails (>= 5.2)
    capybara (3.34.0)
      addressable
      mini_mime (>= 0.1.3)
      nokogiri (~> 1.8)
      rack (>= 1.6.0)
      rack-test (>= 0.6.3)
      regexp_parser (~> 1.5)
      xpath (~> 3.2)
    childprocess (3.0.0)
    concurrent-ruby (1.1.7)
    crass (1.0.6)
    devise (4.7.3)
      bcrypt (~> 3.0)
      orm_adapter (~> 0.1)
      railties (>= 4.1.0)
      responders
      warden (~> 1.2.3)
    erubi (1.10.0)
    ffi (1.12.2)
    globalid (0.4.2)
      activesupport (>= 4.2.0)
    hiredis (0.6.3)
    honeybadger (4.7.2)
    i18n (1.8.5)
      concurrent-ruby (~> 1.0)
    image_processing (1.12.1)
      mini_magick (>= 4.9.5, < 5)
      ruby-vips (>= 2.0.17, < 3)
    jbuilder (2.10.1)
      activesupport (>= 5.0.0)
    jmespath (1.4.0)
    loofah (2.8.0)
      crass (~> 1.0.2)
      nokogiri (>= 1.5.9)
    mail (2.7.1)
      mini_mime (>= 0.1.1)
    marcel (0.3.3)
      mimemagic (~> 0.3.2)
    method_source (1.0.0)
    mimemagic (0.3.5)
    mini_magick (4.11.0)
    mini_mime (1.0.2)
    mini_portile2 (2.4.0)
    minitest (5.14.2)
    msgpack (1.3.3)
    nio4r (2.5.4)
    nokogiri (1.10.10)
      mini_portile2 (~> 2.4.0)
    orm_adapter (0.5.0)
    pagy (3.10.0)
    parallel (1.20.1)
    parser (3.0.0.0)
      ast (~> 2.4.1)
    pg (1.2.3)
    public_suffix (4.0.6)
    puma (5.1.1)
      nio4r (~> 2.0)
    rack (2.2.3)
    rack-proxy (0.6.5)
      rack
    rack-test (1.1.0)
      rack (>= 1.0, < 3)
    rails-dom-testing (2.0.3)
      activesupport (>= 4.2.0)
      nokogiri (>= 1.6)
    rails-html-sanitizer (1.3.0)
      loofah (~> 2.3)
    rainbow (3.0.0)
    rake (13.0.3)
    redis (4.2.5)
    regexp_parser (1.8.2)
    responders (3.0.1)
      actionpack (>= 5.0)
      railties (>= 5.0)
    rexml (3.2.4)
    rubocop (1.4.2)
      parallel (~> 1.10)
      parser (>= 2.7.1.5)
      rainbow (>= 2.2.2, < 4.0)
      regexp_parser (>= 1.8)
      rexml
      rubocop-ast (>= 1.1.1)
      ruby-progressbar (~> 1.7)
      unicode-display_width (>= 1.4.0, < 2.0)
    rubocop-ast (1.3.0)
      parser (>= 2.7.1.5)
    rubocop-performance (1.9.1)
      rubocop (>= 0.90.0, < 2.0)
      rubocop-ast (>= 0.4.0)
    ruby-progressbar (1.10.1)
    ruby-vips (2.0.17)
      ffi (~> 1.9)
    ruby_http_client (3.5.1)
    rubyzip (2.3.0)
    sass-rails (6.0.0)
      sassc-rails (~> 2.1, >= 2.1.1)
    sassc (2.3.0)
      ffi (~> 1.9)
    sassc-rails (2.1.2)
      railties (>= 4.0.0)
      sassc (>= 2.0)
      sprockets (> 3.0)
      sprockets-rails
      tilt
    selenium-webdriver (3.142.7)
      childprocess (>= 0.5, < 4.0)
      rubyzip (>= 1.2.2)
    semantic_range (2.3.1)
    sendgrid-ruby (6.3.8)
      ruby_http_client (~> 3.4)
    sprockets (4.0.2)
      concurrent-ruby (~> 1.0)
      rack (> 1, < 3)
    sprockets-rails (3.2.2)
      actionpack (>= 4.0)
      activesupport (>= 4.0)
      sprockets (>= 3.0.0)
    standard (0.10.2)
      rubocop (= 1.4.2)
      rubocop-performance (= 1.9.1)
    stimulus_reflex (3.2.2)
      cable_ready (>= 4.1.2)
      nokogiri
      rack
      rails (>= 5.2)
    stripe (5.28.0)
    thor (1.0.1)
    tilt (2.0.10)
    tzinfo (2.0.4)
      concurrent-ruby (~> 1.0)
    unicode-display_width (1.7.0)
    view_component (2.24.0)
      activesupport (>= 5.0.0, < 7.0)
    warden (1.2.9)
      rack (>= 2.0.9)
    webdrivers (4.4.2)
      nokogiri (~> 1.6)
      rubyzip (>= 1.3.0)
      selenium-webdriver (>= 3.0, < 4.0)
    websocket-driver (0.7.3)
      websocket-extensions (>= 0.1.0)
    websocket-extensions (0.1.5)
    xpath (3.2.0)
      nokogiri (~> 1.8)
    zeitwerk (2.4.2)

PLATFORMS
  ruby

DEPENDENCIES
  annotate
  aws-sdk-s3
  bootsnap (~> 1.5, >= 1.5.1)
  byebug
  capybara (>= 2.15)
  devise (~> 4.7)
  hiredis (~> 0.6.3)
  honeybadger (~> 4.7)
  image_processing (~> 1.12, >= 1.12.1)
  jbuilder (~> 2.10, >= 2.10.1)
  pagy (~> 3.8, >= 3.8.2)
  pg (~> 1.2, >= 1.2.3)
  puma (~> 5.1, >= 5.1.1)
  rails!
  redis (~> 4.1, >= 4.1.4)
  sass-rails (>= 6)
  selenium-webdriver
  sendgrid-ruby (~> 6.3)
  standard (~> 0.10.0)
  stimulus_reflex (~> 3.2)
  stripe (~> 5.23)
  turbo-rails!
  tzinfo-data
  view_component (~> 2.7)
  web-console!
  webdrivers
  webpacker!

RUBY VERSION
   ruby 2.7.2p137

BUNDLED WITH
   2.1.4
